GEM
  remote: https://rubygems.org/
  specs:
    chronic (0.10.2)
    rake (13.0.3)
    whenever (1.0.0)
      chronic (>= 0.6.3)

PLATFORMS
  ruby
  x86_64-darwin-18
  x86_64-darwin-20

DEPENDENCIES
  rake
  whenever

BUNDLED WITH
   2.2.16
